GEM
  remote: http://rubygems.org/
  specs:
    byebug (2.6.0)
      columnize (~> 0.3)
      debugger-linecache (~> 1.2)
    columnize (0.3.6)
    debugger-linecache (1.2.0)
    diff-lcs (1.1.3)
    rspec (2.11.0)
      rspec-core (~> 2.11.0)
      rspec-expectations (~> 2.11.0)
      rspec-mocks (~> 2.11.0)
    rspec-core (2.11.1)
    rspec-expectations (2.11.3)
      diff-lcs (~> 1.1.3)
    rspec-mocks (2.11.3)
    ruby_parser (3.0.0.a9)
      sexp_processor (~> 4.0)
    sexp_processor (4.1.0)
    thor (0.18.1)

PLATFORMS
  ruby

DEPENDENCIES
  byebug
  rspec
  ruby_parser (= 3.0.0.a9)
  thor
